GEM
  remote: https://rubygems.org/
  specs:
    byebug (10.0.2)
    chronic (0.10.2)
    diff-lcs (1.3)
    rake (12.3.2)
    rspec (3.8.0)
      rspec-core (~> 3.8.0)
      rspec-expectations (~> 3.8.0)
      rspec-mocks (~> 3.8.0)
    rspec-core (3.8.0)
      rspec-support (~> 3.8.0)
    rspec-expectations (3.8.2)
      diff-lcs (>= 1.2.0, < 2.0)
      rspec-support (~> 3.8.0)
    rspec-mocks (3.8.0)
      diff-lcs (>= 1.2.0, < 2.0)
      rspec-support (~> 3.8.0)
    rspec-support (3.8.0)
    whenever (0.9.7)
      chronic (>= 0.6.3)

PLATFORMS
  ruby

DEPENDENCIES
  byebug (~> 10.0, >= 10.0.2)
  rake (~> 12.3, >= 12.3.1)
  rspec (~> 3.5)
  whenever (~> 0.9.7)

BUNDLED WITH
   1.16.2
